GEM
  remote: http://rubygems.org/
  specs:
    json (2.1.0)
    rack (1.6.11)
    rack-protection (1.5.5)
      rack
    sinatra (1.4.8)
      rack (~> 1.5)
      rack-protection (~> 1.4)
      tilt (>= 1.3, < 3)
    sinatra-cross_origin (0.4.0)
    tilt (2.0.9)

PLATFORMS
  ruby

DEPENDENCIES
  json
  rack
  sinatra
  sinatra-cross_origin

BUNDLED WITH
   1.16.6
